GEM
  remote: https://rubygems.org/
  specs:
    ansi (1.4.3)
    builder (3.2.2)
    hashie (2.0.5)
    minitest (5.0.8)
    minitest-reporters (1.0.0)
      ansi
      builder
      minitest (>= 5.0)
      powerbar
    powerbar (1.0.11)
      ansi (~> 1.4.0)
      hashie (>= 1.1.0)
    rake (12.3.3)
    redcarpet (3.5.1)
    yard (0.9.20)

PLATFORMS
  ruby

DEPENDENCIES
  minitest (~> 5.0)
  minitest-reporters (~> 1.0.0)
  rake (~> 12.3)
  redcarpet (~> 3.5.1)
  yard (~> 0.9)
